GEM
  remote: https://rubygems.org/
  specs:
    ast (2.1.0)
    astrolabe (1.3.1)
    bigdecimal (1.2.6)
    builder (3.2.2)
    bundler (1.10.6)
    bundler-unload (1.0.2)
    capybara (2.4.4)
    coderay (1.1.0)
    coveralls (0.8.2)
    diff-lcs (1.2.5)
    docile (1.1.5)
    domain_name (0.5.24)
    executable-hooks (1.3.2)
    gem-wrappers (1.2.7)
    http-cookie (1.0.2)
    io-console (0.4.3)
    json (1.8.3, 1.8.1)
    jwt (1.5.1)
    method_source (0.8.2)
    mime-types (2.6.1)
    mini_portile (0.6.2)
    minitest (5.4.3)
    multi_json (1.11.2)
    netrc (0.10.3)
    nokogiri (1.6.6.2)
    parser (2.2.2.6)
    power_assert (0.2.2)
    powerpack (0.1.1)
    pry (0.10.1)
    psych (2.0.8)
    rack (1.6.4)
    rack-test (0.6.3)
    rainbow (2.0.0)
    rake (10.4.2)
    rdoc (4.2.0)
    rest-client (1.8.0)
    rspec (3.3.0)
    rspec-core (3.3.2)
    rspec-expectations (3.3.1)
    rspec-mocks (3.3.2)
    rspec-support (3.3.0)
    rubocop (0.34.1)
      astrolabe (~> 1.3)
      parser (>= 2.2.2.5, < 3.0)
      powerpack (~> 0.1)
      rainbow (>= 1.99.1, < 3.0)
    ruby-progressbar (~> 1.4)
    rubocop-rspec (1.3.0)
    ruby-progressbar (1.7.5)
    rubygems-bundler (1.4.4)
    rvm (1.11.3.9)
    simplecov (0.10.0)
    simplecov-html (0.10.0)
    slop (3.6.0)
    term-ansicolor (1.3.2)
    test-unit (3.0.8)
    thor (0.19.1)
    tins (1.6.0)
    twilio-ruby (4.3.0)
    unf (0.1.4)
    unf_ext (0.0.7.1)
    xpath (2.0.0)
    astrolabe (1.3.1)
      parser (~> 2.2)
    capybara (2.4.4)
      mime-types (>= 1.16)
      rack (>= 1.0.0)
      rack-test (>= 0.5.4)
    coveralls (0.8.2)
      rest-client (>= 1.6.8, < 2)
      term-ansicolor (~> 1.3)
    diff-lcs (1.2.5)
    docile (1.1.5)
    domain_name (0.5.24)
    http-cookie (1.0.2)
      domain_name (~> 0.5)
    mime-types (2.6.1)
    mini_portile (0.6.2)
    parser (2.2.2.6)
    rack (1.6.4)
    rack-test (0.6.3)
      rack (>= 1.0)
    rainbow (2.0.0)
    rest-client (1.8.0)
      http-cookie (>= 1.0.2, < 2.0)
      mime-types (>= 1.16, < 3.0)
    rspec-core (3.3.2)
      rspec-support (~> 3.3.0)
    rspec-expectations (3.3.1)
      diff-lcs (>= 1.2.0, < 2.0)
      rspec-support (~> 3.3.0)
    rspec-mocks (3.3.2)
      diff-lcs (>= 1.2.0, < 2.0)
      rspec-support (~> 3.3.0)
    rspec-support (3.3.0)
    rubocop-rspec (1.3.0)
    ruby-progressbar (1.7.5)
    simplecov (0.10.0)
      docile (~> 1.1.0)
      json (~> 1.8)
      simplecov-html (~> 0.10.0)
    simplecov-html (0.10.0)
    term-ansicolor (1.3.2)
      tins (~> 1.0)
    tins (1.6.0)
    twilio-ruby (4.3.0)
    unf_ext (0.0.7.1)
    timecop (~> 0.8.0)

PLATFORMS
  ruby

DEPENDENCIES
  capybara
  coveralls
  rspec
  rubocop
  rubocop-rspec
  twilio-ruby

BUNDLED WITH
   1.10.6
